PATH
  remote: .
  specs:
    lazada-open-api (0.10)
      builder (~> 3.2)
      httparty (~> 0.13.7)

GEM
  remote: https://rubygems.org/
  specs:
    builder (3.2.3)
    httparty (0.13.7)
      json (~> 1.8)
      multi_xml (>= 0.5.2)
    json (1.8.6)
    multi_xml (0.6.0)
    rake (13.0.1)

PLATFORMS
  ruby

DEPENDENCIES
  bundler (~> 1.11)
  lazada-open-api!
  rake (~> 13.0)

BUNDLED WITH
   1.16.1
