PATH
  remote: .
  specs:
    lazada (0.3.3)
      builder (~> 3.2)
      httparty (~> 0.13.7)

GEM
  remote: https://rubygems.org/
  specs:
    builder (3.2.3)
    httparty (0.13.7)
      json (~> 1.8)
      multi_xml (>= 0.5.2)
    json (1.8.6)
    multi_xml (0.6.0)
    rake (10.5.0)

PLATFORMS
  ruby

DEPENDENCIES
  bundler (~> 1.11)
  lazada!
  rake (~> 10.0)

BUNDLED WITH
   1.16.0
