PATH
  remote: .
  specs:
    lazada-open-api (0.10)
      builder (~> 3.2)
      httparty (>= 0.13.7, < 0.22.0)

GEM
  remote: https://rubygems.org/
  specs:
    builder (3.2.4)
    httparty (0.21.0)
      mini_mime (>= 1.0.0)
      multi_xml (>= 0.5.2)
    mini_mime (1.1.2)
    multi_xml (0.6.0)
    rake (10.5.0)

PLATFORMS
  ruby

DEPENDENCIES
  bundler (~> 1.11)
  lazada-open-api!
  rake (~> 10.0)

BUNDLED WITH
   1.16.1
